PATH
  remote: .
  specs:
    fast_thumbhash (0.4.0)
      ffi

GEM
  remote: https://rubygems.org/
  specs:
    ast (2.4.2)
    chunky_png (1.4.0)
    diff-lcs (1.5.0)
    ffi (1.15.5)
    json (2.6.3)
    parallel (1.22.1)
    parser (3.2.2.0)
      ast (~> 2.4.1)
    rainbow (3.1.1)
    rake (13.0.6)
    rake-compiler (1.2.1)
      rake
    regexp_parser (2.7.0)
    rexml (3.2.5)
    rspec (3.12.0)
      rspec-core (~> 3.12.0)
      rspec-expectations (~> 3.12.0)
      rspec-mocks (~> 3.12.0)
    rspec-core (3.12.1)
      rspec-support (~> 3.12.0)
    rspec-expectations (3.12.2)
      diff-lcs (>= 1.2.0, < 2.0)
      rspec-support (~> 3.12.0)
    rspec-mocks (3.12.5)
      diff-lcs (>= 1.2.0, < 2.0)
      rspec-support (~> 3.12.0)
    rspec-support (3.12.0)
    rubocop (1.49.0)
      json (~> 2.3)
      parallel (~> 1.10)
      parser (>= 3.2.0.0)
      rainbow (>= 2.2.2, < 4.0)
      regexp_parser (>= 1.8, < 3.0)
      rexml (>= 3.2.5, < 4.0)
      rubocop-ast (>= 1.28.0, < 2.0)
      ruby-progressbar (~> 1.7)
      unicode-display_width (>= 2.4.0, < 3.0)
    rubocop-ast (1.28.0)
      parser (>= 3.2.1.0)
    ruby-progressbar (1.13.0)
    thumbhash (0.0.1)
    unicode-display_width (2.4.2)

PLATFORMS
  arm64-darwin-21
  x86_64-darwin-18
  x86_64-darwin-20
  x86_64-darwin-21
  x86_64-darwin-22
  x86_64-linux

DEPENDENCIES
  bundler (~> 2.0)
  chunky_png (~> 1.4)
  fast_thumbhash!
  rake (~> 13.0)
  rake-compiler (~> 1.2)
  rspec (~> 3.0)
  rubocop (~> 1.21)
  thumbhash (= 0.0.1)

BUNDLED WITH
   2.3.25
